PATH
  remote: .
  specs:
    logstash-output-secret (0.1.0)
      gemoji (< 2.0)
      launchy
      logstash-codec-plain
      logstash-core
      logstash-core-plugin-api
      logstash-output-elasticsearch
      manticore

PATH
  remote: ~/es/paquet
  specs:
    paquet (0.1.0)
      pry

GEM
  remote: https://rubygems.org/
  specs:
    addressable (2.4.0)
    cabin (0.9.0)
    chronic_duration (0.10.6)
      numerizer (~> 0.1.1)
    clamp (0.6.5)
    coderay (1.1.1)
    concurrent-ruby (1.0.0-java)
    diff-lcs (1.2.5)
    ffi (1.9.14-java)
    filesize (0.0.4)
    fivemat (1.3.2)
    gem_publisher (1.5.0)
    gemoji (1.5.0)
    gems (0.8.3)
    i18n (0.6.9)
    insist (1.0.0)
    jar-dependencies (0.3.5)
    jrjackson (0.4.0-java)
    jrmonitor (0.4.2)
    jruby-openssl (0.9.16-java)
    kramdown (1.12.0)
    launchy (2.4.3-java)
      addressable (~> 2.3)
      spoon (~> 0.0.1)
    logstash-codec-plain (3.0.2)
      logstash-core-plugin-api (>= 1.60, <= 2.99)
    logstash-core (5.0.0-java)
      chronic_duration (= 0.10.6)
      clamp (~> 0.6.5)
      concurrent-ruby (= 1.0.0)
      filesize (= 0.0.4)
      gems (~> 0.8.3)
      i18n (= 0.6.9)
      jar-dependencies (~> 0.3.4)
      jrjackson (~> 0.4.0)
      jrmonitor (~> 0.4.2)
      jruby-openssl (= 0.9.16)
      logstash-core-event-java (= 5.0.0)
      minitar (~> 0.5.4)
      pry (~> 0.10.1)
      puma (~> 2.16)
      rubyzip (~> 1.1.7)
      sinatra (~> 1.4, >= 1.4.6)
      stud (~> 0.0.19)
      thread_safe (~> 0.3.5)
      treetop (< 1.5.0)
    logstash-core-event-java (5.0.0-java)
      jar-dependencies
      ruby-maven (~> 3.3.9)
    logstash-core-plugin-api (2.1.17-java)
      logstash-core (= 5.0.0)
    logstash-devutils (1.1.0-java)
      fivemat
      gem_publisher
      insist (= 1.0.0)
      kramdown
      logstash-core-plugin-api (~> 2.0)
      minitar
      rake
      rspec (~> 3.0)
      rspec-wait
      stud (>= 0.0.20)
    logstash-output-elasticsearch (5.2.0-java)
      cabin (~> 0.6)
      logstash-core-plugin-api (>= 1.60, <= 2.99)
      manticore (>= 0.5.4, < 1.0.0)
      stud (~> 0.0, >= 0.0.17)
    manticore (0.6.0-java)
    method_source (0.8.2)
    minitar (0.5.4)
    numerizer (0.1.1)
    polyglot (0.3.5)
    pry (0.10.4-java)
      coderay (~> 1.1.0)
      method_source (~> 0.8.1)
      slop (~> 3.4)
      spoon (~> 0.0)
    puma (2.16.0-java)
    rack (1.6.4)
    rack-protection (1.5.3)
      rack
    rake (11.3.0)
    rspec (3.5.0)
      rspec-core (~> 3.5.0)
      rspec-expectations (~> 3.5.0)
      rspec-mocks (~> 3.5.0)
    rspec-core (3.5.4)
      rspec-support (~> 3.5.0)
    rspec-expectations (3.5.0)
      diff-lcs (>= 1.2.0, < 2.0)
      rspec-support (~> 3.5.0)
    rspec-mocks (3.5.0)
      diff-lcs (>= 1.2.0, < 2.0)
      rspec-support (~> 3.5.0)
    rspec-support (3.5.0)
    rspec-wait (0.0.9)
      rspec (>= 3, < 4)
    ruby-maven (3.3.12)
      ruby-maven-libs (~> 3.3.9)
    ruby-maven-libs (3.3.9)
    rubyzip (1.1.7)
    sinatra (1.4.7)
      rack (~> 1.5)
      rack-protection (~> 1.4)
      tilt (>= 1.3, < 3)
    slop (3.6.0)
    spoon (0.0.6)
      ffi
    stud (0.0.22)
    thread_safe (0.3.5-java)
    tilt (2.0.5)
    treetop (1.4.15)
      polyglot
      polyglot (>= 0.3.1)

PLATFORMS
  java

DEPENDENCIES
  logstash-devutils
  logstash-output-secret!
  paquet!

BUNDLED WITH
   1.13.6
